GEM
  remote: https://rubygems.org/
  specs:
    alfred-workflow (2.0.5)
      fuzzy_match (>= 2.0.4)
      gyoku (>= 1.1.0)
      moneta (>= 0.7.19)
      nori (>= 2.3.0)
      plist (>= 3.1.0)
      terminal-notifier (>= 1.5.0)
    builder (3.2.2)
    fuzzy_match (2.1.0)
    gyoku (1.1.1)
      builder (>= 2.1.2)
    httparty (0.13.1)
      json (~> 1.8)
      multi_xml (>= 0.5.2)
    json (1.8.1)
    moneta (0.8.0)
    multi_xml (0.5.5)
    nori (2.4.0)
    plist (3.1.0)
    terminal-notifier (1.6.1)

PLATFORMS
  ruby

DEPENDENCIES
  alfred-workflow
  httparty
  plist
